GEM
  remote: https://rubygems.org/
  specs:
    coderay (1.1.2)
    colorize (0.8.1)
    method_source (0.9.2)
    minitest (5.13.0)
    pry (0.12.2)
      coderay (~> 1.1.0)
      method_source (~> 0.9.0)
    ruby-prof (1.0.0)

PLATFORMS
  ruby

DEPENDENCIES
  colorize
  minitest
  pry
  ruby-prof

BUNDLED WITH
   2.0.2
